PATH
  remote: .
  specs:
    license-acceptance (0.1.0)
      tty-prompt (~> 0.18)

GEM
  remote: https://rubygems.org/
  specs:
    binding_of_caller (0.8.0)
      debug_inspector (>= 0.0.1)
    byebug (10.0.2)
    coderay (1.1.2)
    debug_inspector (0.0.3)
    diff-lcs (1.3)
    equatable (0.5.0)
    method_source (0.9.2)
    necromancer (0.4.0)
    pastel (0.7.2)
      equatable (~> 0.5.0)
      tty-color (~> 0.4.0)
    pry (0.12.2)
      coderay (~> 1.1.0)
      method_source (~> 0.9.0)
    pry-byebug (3.6.0)
      byebug (~> 10.0)
      pry (~> 0.10)
    pry-stack_explorer (0.4.9.3)
      binding_of_caller (>= 0.7)
      pry (>= 0.9.11)
    rake (10.5.0)
    rspec (3.8.0)
      rspec-core (~> 3.8.0)
      rspec-expectations (~> 3.8.0)
      rspec-mocks (~> 3.8.0)
    rspec-core (3.8.0)
      rspec-support (~> 3.8.0)
    rspec-expectations (3.8.2)
      diff-lcs (>= 1.2.0, < 2.0)
      rspec-support (~> 3.8.0)
    rspec-mocks (3.8.0)
      diff-lcs (>= 1.2.0, < 2.0)
      rspec-support (~> 3.8.0)
    rspec-support (3.8.0)
    timers (4.2.0)
    tty-color (0.4.3)
    tty-cursor (0.6.0)
    tty-prompt (0.18.0)
      necromancer (~> 0.4.0)
      pastel (~> 0.7.0)
      timers (~> 4.0)
      tty-cursor (~> 0.6.0)
      tty-reader (~> 0.5.0)
    tty-reader (0.5.0)
      tty-cursor (~> 0.6.0)
      tty-screen (~> 0.6.4)
      wisper (~> 2.0.0)
    tty-screen (0.6.5)
    wisper (2.0.0)

PLATFORMS
  ruby

DEPENDENCIES
  bundler (~> 1.17)
  license-acceptance!
  pry (~> 0.12)
  pry-byebug (~> 3.6)
  pry-stack_explorer (~> 0.4)
  rake (~> 10.0)
  rspec (~> 3.0)

BUNDLED WITH
   1.17.1
